GEM
  remote: https://rubygems.org/
  specs:
    activesupport (4.1.4)
      i18n (~> 0.6, >= 0.6.9)
      json (~> 1.7, >= 1.7.7)
      minitest (~> 5.1)
      thread_safe (~> 0.1)
      tzinfo (~> 1.1)
    deep_merge (1.0.1)
    i18n (0.7.0)
    json (1.8.2)
    minitest (5.5.1)
    rake (10.4.2)
    recursive-open-struct (0.5.0)
    thread_safe (0.3.4)
    tzinfo (1.2.2)
      thread_safe (~> 0.1)

PLATFORMS
  ruby

DEPENDENCIES
  activesupport
  deep_merge
  rake
  recursive-open-struct
